PATH
  remote: /Users/rs/Dropbox/projects/beeminder-gem
  specs:
    beeminder (0.2.7)
      activesupport (~> 3.2)
      chronic (~> 0.7)
      highline (~> 1.6)
      json
      trollop (~> 2)
      tzinfo

GEM
  remote: https://rubygems.org/
  specs:
    activemodel (3.2.15)
      activesupport (= 3.2.15)
      builder (~> 3.0.0)
    activeresource (3.2.15)
      activemodel (= 3.2.15)
      activesupport (= 3.2.15)
    activesupport (3.2.15)
      i18n (~> 0.6, >= 0.6.4)
      multi_json (~> 1.0)
    atomic (1.1.14)
    builder (3.0.4)
    chronic (0.10.2)
    crack (0.4.1)
      safe_yaml (~> 0.9.0)
    gmail (0.4.0)
      gmail_xoauth (>= 0.3.0)
      mail (>= 2.2.1)
      mime (>= 0.1)
    gmail_xoauth (0.4.1)
      oauth (>= 0.3.6)
    happymapper (0.4.1)
      libxml-ruby (~> 2.0)
    highline (1.6.20)
    i18n (0.6.5)
    json (1.8.1)
    libxml-ruby (2.7.0)
    mail (2.2.7)
      activesupport (>= 2.3.6)
      mime-types
      treetop (>= 1.4.5)
    mime (0.1)
    mime-types (2.0)
    mini_portile (0.5.2)
    multi_json (1.8.2)
    nokogiri (1.6.0)
      mini_portile (~> 0.5.0)
    nokogiri-happymapper (0.5.8)
      nokogiri (~> 1.5)
    oauth (0.4.7)
    pivotal-tracker (0.5.12)
      builder
      builder
      crack
      happymapper (>= 0.3.2)
      nokogiri (>= 1.4.3)
      nokogiri (>= 1.5.5)
      nokogiri-happymapper (>= 0.5.4)
      rest-client (~> 1.6.0)
      rest-client (~> 1.6.0)
    polyglot (0.3.3)
    rest-client (1.6.7)
      mime-types (>= 1.16)
    safe_yaml (0.9.7)
    thread_safe (0.1.3)
      atomic
    treetop (1.4.15)
      polyglot
      polyglot (>= 0.3.1)
    trollop (2.0)
    tzinfo (1.1.0)
      thread_safe (~> 0.1)

PLATFORMS
  ruby

DEPENDENCIES
  activeresource
  activesupport
  beeminder!
  gmail
  pivotal-tracker
