PATH
  remote: /Users/rs/Dropbox/projects/beeminder-gem
  specs:
    beeminder (0.2.10)
      activesupport (>= 3.2, < 5)
      chronic (~> 0.7)
      highline (~> 1.6)
      json
      trollop (~> 2)
      tzinfo

PATH
  remote: /Users/rs/Dropbox/projects/gmail
  specs:
    gmail (0.4.0)
      gmail_xoauth (>= 0.3.0)
      mail (= 2.5.3)
      mime (>= 0.1)

GEM
  remote: https://rubygems.org/
  specs:
    actionpack (4.1.7)
      actionview (= 4.1.7)
      activesupport (= 4.1.7)
      rack (~> 1.5.2)
      rack-test (~> 0.6.2)
    actionview (4.1.7)
      activesupport (= 4.1.7)
      builder (~> 3.1)
      erubis (~> 2.7.0)
    activesupport (4.1.7)
      i18n (~> 0.6, >= 0.6.9)
      json (~> 1.7, >= 1.7.7)
      minitest (~> 5.1)
      thread_safe (~> 0.1)
      tzinfo (~> 1.1)
    addressable (2.3.6)
    builder (3.2.2)
    capybara (2.4.4)
      mime-types (>= 1.16)
      nokogiri (>= 1.3.3)
      rack (>= 1.0.0)
      rack-test (>= 0.5.4)
      xpath (~> 2.0)
    childprocess (0.5.5)
      ffi (~> 1.0, >= 1.0.11)
    chronic (0.10.2)
    crack (0.4.2)
      safe_yaml (~> 1.0.0)
    database_cleaner (1.3.0)
    dotenv (0.11.1)
      dotenv-deployment (~> 0.0.2)
    dotenv-deployment (0.0.2)
    erubis (2.7.0)
    faker (1.4.3)
      i18n (~> 0.5)
    ffi (1.9.6)
    foreman (0.75.0)
      dotenv (~> 0.11.1)
      thor (~> 0.19.1)
    gmail_xoauth (0.4.1)
      oauth (>= 0.3.6)
    growl (1.0.3)
    happymapper (0.4.1)
      libxml-ruby (~> 2.0)
    highline (1.6.21)
    httparty (0.13.2)
      json (~> 1.8)
      multi_xml (>= 0.5.2)
    hub (1.12.2)
    i18n (0.6.11)
    jira-ruby (0.1.11)
      activesupport (~> 4.1.4)
      oauth (~> 0.4.7)
    json (1.8.1)
    launchy (2.4.3)
      addressable (~> 2.3)
    libxml-ruby (2.7.0)
    lunchy (0.8.0)
    mail (2.5.3)
      i18n (>= 0.4.0)
      mime-types (~> 1.16)
      treetop (~> 1.4.8)
    mime (0.4.2)
    mime-types (1.25.1)
    mini_portile (0.6.0)
    minitest (5.4.2)
    multi_json (1.10.1)
    multi_xml (0.5.5)
    nokogiri (1.6.3.1)
      mini_portile (= 0.6.0)
    nokogiri-happymapper (0.5.9)
      nokogiri (~> 1.5)
    oauth (0.4.7)
    pivotal-tracker (0.5.12)
      builder
      builder
      crack
      happymapper (>= 0.3.2)
      nokogiri (>= 1.4.3)
      nokogiri (>= 1.5.5)
      nokogiri-happymapper (>= 0.5.4)
      rest-client (~> 1.6.0)
      rest-client (~> 1.6.0)
    polyglot (0.3.5)
    quiet_assets (1.0.3)
      railties (>= 3.1, < 5.0)
    rack (1.5.2)
    rack-test (0.6.2)
      rack (>= 1.0)
    railties (4.1.7)
      actionpack (= 4.1.7)
      activesupport (= 4.1.7)
      rake (>= 0.8.7)
      thor (>= 0.18.1, < 2.0)
    rake (10.3.2)
    rdoc (4.1.2)
      json (~> 1.4)
    rest-client (1.6.8)
      mime-types (~> 1.16)
      rdoc (>= 2.4.2)
    rubyzip (1.1.6)
    safe_yaml (1.0.4)
    selenium-webdriver (2.43.0)
      childprocess (~> 0.5)
      multi_json (~> 1.0)
      rubyzip (~> 1.0)
      websocket (~> 1.0)
    sqlite3 (1.3.10)
    thor (0.19.1)
    thread_safe (0.3.4)
    treetop (1.4.15)
      polyglot
      polyglot (>= 0.3.1)
    trollop (2.0)
    tzinfo (1.2.2)
      thread_safe (~> 0.1)
    wanikani (0.10)
      multi_json (~> 1.9)
      rest-client (~> 1.6)
    websocket (1.2.1)
    xpath (2.0.0)
      nokogiri (~> 1.3)

PLATFORMS
  ruby

DEPENDENCIES
  beeminder!
  capybara
  chronic
  database_cleaner
  faker
  foreman
  gmail!
  growl
  httparty
  hub
  jira-ruby
  json
  launchy
  lunchy
  nokogiri
  pivotal-tracker
  quiet_assets
  selenium-webdriver
  sqlite3
  wanikani
