PATH
  remote: /Users/rs/Dropbox/projects/beeminder-gem
  specs:
    beeminder (0.2.10)
      activesupport (>= 3.2, < 5)
      chronic (~> 0.7)
      highline (~> 1.6)
      json
      trollop (~> 2)
      tzinfo

GEM
  remote: https://rubygems.org/
  specs:
    activemodel (4.1.0)
      activesupport (= 4.1.0)
      builder (~> 3.1)
    activeresource (4.0.0)
      activemodel (~> 4.0)
      activesupport (~> 4.0)
      rails-observers (~> 0.1.1)
    activesupport (4.1.0)
      i18n (~> 0.6, >= 0.6.9)
      json (~> 1.7, >= 1.7.7)
      minitest (~> 5.1)
      thread_safe (~> 0.1)
      tzinfo (~> 1.1)
    builder (3.2.2)
    chronic (0.10.2)
    crack (0.4.2)
      safe_yaml (~> 1.0.0)
    curb (0.8.5)
    gmail (0.4.0)
      gmail_xoauth (>= 0.3.0)
      mail (>= 2.2.1)
      mime (>= 0.1)
    gmail_xoauth (0.4.1)
      oauth (>= 0.3.6)
    happymapper (0.4.1)
      libxml-ruby (~> 2.0)
    highline (1.6.21)
    i18n (0.6.9)
    json (1.8.1)
    libxml-ruby (2.7.0)
    mail (2.2.7)
      activesupport (>= 2.3.6)
      mime-types
      treetop (>= 1.4.5)
    mime (0.4.1)
    mime-types (2.2)
    mini_portile (0.5.3)
    minitest (5.3.3)
    multi_json (1.9.3)
    nokogiri (1.6.1)
      mini_portile (~> 0.5.0)
    nokogiri-happymapper (0.5.9)
      nokogiri (~> 1.5)
    oauth (0.4.7)
    pivotal-tracker (0.5.12)
      builder
      builder
      crack
      happymapper (>= 0.3.2)
      nokogiri (>= 1.4.3)
      nokogiri (>= 1.5.5)
      nokogiri-happymapper (>= 0.5.4)
      rest-client (~> 1.6.0)
      rest-client (~> 1.6.0)
    polyglot (0.3.4)
    rails-observers (0.1.2)
      activemodel (~> 4.0)
    rest-client (1.6.7)
      mime-types (>= 1.16)
    safe_yaml (1.0.3)
    thread_safe (0.3.3)
    treetop (1.5.3)
      polyglot (~> 0.3)
    trollop (2.0)
    tzinfo (1.1.0)
      thread_safe (~> 0.1)
    wanikani (0.10)
      multi_json (~> 1.9)
      rest-client (~> 1.6)

PLATFORMS
  ruby

DEPENDENCIES
  activeresource
  activesupport
  beeminder!
  curb
  gmail
  pivotal-tracker
  wanikani
